GEM
  remote: https://rubygems.org/
  specs:
    addressable (2.8.0)
      public_suffix (>= 2.0.2, < 5.0)
    crack (0.4.2)
      safe_yaml (~> 1.0.0)
    power_assert (0.2.6)
    public_suffix (4.0.6)
    rake (0.9.2.2)
    safe_yaml (1.0.4)
    test-unit (3.1.5)
      power_assert
    vcr (2.9.3)
    webmock (1.20.3)
      addressable (>= 2.3.6)
      crack (>= 0.3.2)

PLATFORMS
  ruby

DEPENDENCIES
  rake
  test-unit
  vcr (= 2.9.3)
  webmock (= 1.20.3)

BUNDLED WITH
   1.11.2
