GEM
  remote: https://rubygems.org/
  specs:
    addressable (2.3.6)
    crack (0.4.2)
      safe_yaml (~> 1.0.0)
    git (1.2.5)
    jeweler (1.8.4)
      bundler (~> 1.0)
      git (>= 1.2.5)
      rake
      rdoc
    json (1.8.0)
    rake (0.9.2.2)
    rdoc (4.0.1)
      json (~> 1.4)
    safe_yaml (1.0.4)
    vcr (2.9.3)
    webmock (1.20.3)
      addressable (>= 2.3.6)
      crack (>= 0.3.2)

PLATFORMS
  ruby

DEPENDENCIES
  jeweler
  rake
  vcr (= 2.9.3)
  webmock (= 1.20.3)
