GEM
  remote: https://rubygems.org/
  specs:
    addressable (2.3.6)
    crack (0.4.2)
      safe_yaml (~> 1.0.0)
    rake (0.9.2.2)
    safe_yaml (1.0.4)
    vcr (2.9.3)
    webmock (1.20.3)
      addressable (>= 2.3.6)
      crack (>= 0.3.2)

PLATFORMS
  ruby

DEPENDENCIES
  rake
  vcr (= 2.9.3)
  webmock (= 1.20.3)
